GEM
  remote: https://rubygems.org/
  specs:
    addressable (2.5.1)
      public_suffix (~> 2.0, >= 2.0.2)
    backports (3.8.0)
    byebug (9.0.6)
    clamp (1.1.2)
    coderay (1.1.1)
    equatable (0.5.0)
    excon (0.49.0)
    hash_validator (0.7.1)
    kommando (0.1.2)
    kontena-cli (1.3.1)
      clamp (~> 1.1.0)
      excon (~> 0.49.0)
      hash_validator (~> 0.7.1)
      launchy (~> 2.4.3)
      liquid (~> 4.0.0)
      opto (= 1.8.5)
      retriable (~> 2.1.0)
      ruby_dig (~> 0.0.2)
      semantic (~> 1.5)
      tty-prompt (= 0.12.0)
      tty-table (~> 0.8.0)
      websocket-driver-kontena (= 0.6.5)
    launchy (2.4.3)
      addressable (~> 2.3)
    liquid (4.0.0)
    method_source (0.8.2)
    multi_json (1.12.1)
    mustermann (1.0.0)
    necromancer (0.4.0)
    opto (1.8.5)
    pastel (0.7.1)
      equatable (~> 0.5.0)
      tty-color (~> 0.4.0)
    pry (0.10.4)
      coderay (~> 1.1.0)
      method_source (~> 0.8.1)
      slop (~> 3.4)
    pry-byebug (3.4.2)
      byebug (~> 9.0)
      pry (~> 0.10)
    public_suffix (2.0.5)
    puma (3.9.1)
    rack (2.0.3)
    rack-protection (2.0.0)
      rack
    retriable (2.1.0)
    ruby_dig (0.0.2)
    semantic (1.6.0)
    sinatra (2.0.0)
      mustermann (~> 1.0)
      rack (~> 2.0)
      rack-protection (= 2.0.0)
      tilt (~> 2.0)
    sinatra-contrib (2.0.0)
      backports (>= 2.0)
      multi_json
      mustermann (~> 1.0)
      rack-protection (= 2.0.0)
      sinatra (= 2.0.0)
      tilt (>= 1.3, < 3)
    slop (3.6.0)
    tilt (2.0.7)
    tty-color (0.4.2)
    tty-cursor (0.4.0)
    tty-prompt (0.12.0)
      necromancer (~> 0.4.0)
      pastel (~> 0.7.0)
      tty-cursor (~> 0.4.0)
      wisper (~> 1.6.1)
    tty-screen (0.5.0)
    tty-table (0.8.0)
      equatable (~> 0.5.0)
      necromancer (~> 0.4.0)
      pastel (~> 0.7.0)
      tty-screen (~> 0.5.0)
      unicode-display_width (~> 1.1.0)
      verse (~> 0.5.0)
    unicode-display_width (1.1.3)
    unicode_utils (1.4.0)
    verse (0.5.0)
      unicode-display_width (~> 1.1.0)
      unicode_utils (~> 1.4.0)
    websocket-driver-kontena (0.6.5)
      websocket-extensions (>= 0.1.0)
    websocket-extensions (0.1.5)
    wisper (1.6.1)

PLATFORMS
  ruby

DEPENDENCIES
  kommando (= 0.1.2)
  kontena-cli (= 1.3.1)
  pry-byebug
  puma
  sinatra
  sinatra-contrib

BUNDLED WITH
   1.15.1
